PATH
  remote: .
  specs:
    asmjit (0.2.0)

GEM
  remote: https://rubygems.org/
  specs:
    hatstone (1.0.0)
    minitest (5.15.0)
    rake (13.0.6)
    rake-compiler (1.2.0)
      rake

PLATFORMS
  x86_64-linux

DEPENDENCIES
  asmjit!
  hatstone
  minitest (~> 5.0)
  rake (~> 13.0)
  rake-compiler

BUNDLED WITH
   2.3.4
