PATH
  remote: .
  specs:
    asmjit (0.2.2)

GEM
  remote: https://rubygems.org/
  specs:
    minitest (5.15.0)
    rake (13.0.6)
    rake-compiler (1.2.0)
      rake

PLATFORMS
  arm64-darwin-22
  x86_64-linux

DEPENDENCIES
  asmjit!
  minitest (~> 5.0)
  rake (~> 13.0)
  rake-compiler

BUNDLED WITH
   2.3.4
